GIT
  remote: git://github.com/plataformatec/devise.git
  revision: ede004169c6af7416f8c4e3fc29a653bee133f60
  specs:
    devise (1.5.1)
      bcrypt-ruby (~> 3.0)
      orm_adapter (~> 0.0.3)
      warden (~> 1.1)

GEM
  remote: http://rubygems.org/
  specs:
    abstract (1.0.0)
    actionmailer (3.0.7)
      actionpack (= 3.0.7)
      mail (~> 2.2.15)
    actionpack (3.0.7)
      activemodel (= 3.0.7)
      activesupport (= 3.0.7)
      builder (~> 2.1.2)
      erubis (~> 2.6.6)
      i18n (~> 0.5.0)
      rack (~> 1.2.1)
      rack-mount (~> 0.6.14)
      rack-test (~> 0.5.7)
      tzinfo (~> 0.3.23)
    activemodel (3.0.7)
      activesupport (= 3.0.7)
      builder (~> 2.1.2)
      i18n (~> 0.5.0)
    activerecord (3.0.7)
      activemodel (= 3.0.7)
      activesupport (= 3.0.7)
      arel (~> 2.0.2)
      tzinfo (~> 0.3.23)
    activeresource (3.0.7)
      activemodel (= 3.0.7)
      activesupport (= 3.0.7)
    activesupport (3.0.7)
    archive-tar-minitar (0.5.2)
    arel (2.0.10)
    bcrypt-ruby (3.0.1)
    builder (2.1.2)
    capistrano (2.5.19)
      highline
      net-scp (>= 1.0.0)
      net-sftp (>= 2.0.0)
      net-ssh (>= 2.0.14)
      net-ssh-gateway (>= 1.0.0)
    cocaine (0.2.0)
    columnize (0.3.4)
    date_validator (0.6.2)
      activemodel (>= 3.0.0, < 3.2.0)
    devise_invitable (0.6.0)
      devise (>= 1.4.6, < 1.6)
      rails (>= 3.0.0, < 3.2)
    diff-lcs (1.1.2)
    erubis (2.6.6)
      abstract (>= 1.0.0)
    geokit (1.6.0)
    haml (3.1.4)
    haml-rails (0.3.4)
      actionpack (~> 3.0)
      activesupport (~> 3.0)
      haml (~> 3.0)
      railties (~> 3.0)
    highline (1.6.1)
    hpricot (0.8.5)
    i18n (0.5.0)
    jquery-rails (1.0.18)
      railties (~> 3.0)
      thor (~> 0.14)
    jquery_datepicker (0.3.2)
    json (1.6.4)
    linecache19 (0.5.12)
      ruby_core_source (>= 0.1.4)
    macaddr (1.5.0)
      systemu (>= 2.4.0)
    mail (2.2.19)
      activesupport (>= 2.3.6)
      i18n (>= 0.4.0)
      mime-types (~> 1.16)
      treetop (~> 1.4.8)
    mime-types (1.17.2)
    mysql2 (0.2.7)
    nested_form (0.1.1)
    net-scp (1.0.4)
      net-ssh (>= 1.99.1)
    net-sftp (2.0.5)
      net-ssh (>= 2.0.9)
    net-ssh (2.1.3)
    net-ssh-gateway (1.0.1)
      net-ssh (>= 1.99.1)
    orm_adapter (0.0.5)
    paperclip (2.4.5)
      activerecord (>= 2.3.0)
      activesupport (>= 2.3.2)
      cocaine (>= 0.0.2)
      mime-types
    pdfkit (0.5.2)
    polyglot (0.3.3)
    rack (1.2.4)
    rack-mount (0.6.14)
      rack (>= 1.0.0)
    rack-test (0.5.7)
      rack (>= 1.0)
    rails (3.0.7)
      actionmailer (= 3.0.7)
      actionpack (= 3.0.7)
      activerecord (= 3.0.7)
      activeresource (= 3.0.7)
      activesupport (= 3.0.7)
      bundler (~> 1.0)
      railties (= 3.0.7)
    railties (3.0.7)
      actionpack (= 3.0.7)
      activesupport (= 3.0.7)
      rake (>= 0.8.7)
      thor (~> 0.14.4)
    rake (0.9.2.2)
    rspec (2.6.0)
      rspec-core (~> 2.6.0)
      rspec-expectations (~> 2.6.0)
      rspec-mocks (~> 2.6.0)
    rspec-core (2.6.4)
    rspec-expectations (2.6.0)
      diff-lcs (~> 1.1.2)
    rspec-mocks (2.6.0)
    rspec-rails (2.6.1)
      actionpack (~> 3.0)
      activesupport (~> 3.0)
      railties (~> 3.0)
      rspec (~> 2.6.0)
    ruby-debug-base19 (0.11.25)
      columnize (>= 0.3.1)
      linecache19 (>= 0.5.11)
      ruby_core_source (>= 0.1.4)
    ruby-debug19 (0.11.6)
      columnize (>= 0.3.1)
      linecache19 (>= 0.5.11)
      ruby-debug-base19 (>= 0.11.19)
    ruby_core_source (0.1.5)
      archive-tar-minitar (>= 0.5.2)
    ruby_parser (2.3.1)
      sexp_processor (~> 3.0)
    sass (3.1.12)
    sendgrid (1.0.1)
      json
      json
    sexp_processor (3.0.10)
    shoulda (2.11.3)
    shoulda-matchers (1.0.0)
    systemu (2.4.1)
    thor (0.14.6)
    treetop (1.4.10)
      polyglot
      polyglot (>= 0.3.1)
    tzinfo (0.3.31)
    uuid (2.3.4)
      macaddr (~> 1.0)
    warden (1.1.0)
      rack (>= 1.0)
    will_paginate (3.0.2)

PLATFORMS
  ruby

DEPENDENCIES
  capistrano
  date_validator (= 0.6.2)
  devise!
  devise_invitable (= 0.6.0)
  geokit (= 1.6.0)
  haml-rails (~> 0.3.4)
  hpricot
  jquery-rails (= 1.0.18)
  jquery_datepicker (= 0.3.2)
  mysql2 (= 0.2.7)
  nested_form
  paperclip (~> 2.3)
  pdfkit
  rails (= 3.0.7)
  rspec-rails (~> 2.6)
  ruby-debug19
  ruby_parser
  sass (~> 3.1.12)
  sendgrid (~> 1.0.1)
  shoulda (= 2.11.3)
  shoulda-matchers (= 1.0.0)
  uuid (~> 2.3.4)
  will_paginate (>= 3.0.pre)
